GEM
  remote: http://rubygems.org/
  specs:
    httparty (0.10.2)
      multi_json (~> 1.0)
      multi_xml (>= 0.5.2)
    mini_portile (0.5.3)
    multi_json (1.9.2)
    multi_xml (0.5.5)
    nokogiri (1.6.1)
      mini_portile (~> 0.5.0)
    popit (0.0.4)
      httparty (~> 0.10.0)
    rufus-lru (1.0.5)
    rufus-verbs (1.0.1)
      rufus-lru

PLATFORMS
  ruby

DEPENDENCIES
  nokogiri
  popit
  rufus-verbs
